GEM
  remote: https://rubygems.org/
  specs:
    Ascii85 (1.0.3)
    actionmailer (4.0.13)
      actionpack (= 4.0.13)
      mail (~> 2.5, >= 2.5.4)
    actionpack (4.0.13)
      activesupport (= 4.0.13)
      builder (~> 3.1.0)
      erubis (~> 2.7.0)
      rack (~> 1.5.2)
      rack-test (~> 0.6.2)
    activemodel (4.0.13)
      activesupport (= 4.0.13)
      builder (~> 3.1.0)
    activerecord (4.0.13)
      activemodel (= 4.0.13)
      activerecord-deprecated_finders (~> 1.0.2)
      activesupport (= 4.0.13)
      arel (~> 4.0.0)
    activerecord-deprecated_finders (1.0.4)
    activerecord-import (0.25.0)
      activerecord (>= 3.2)
    activesupport (4.0.13)
      i18n (~> 0.6, >= 0.6.9)
      minitest (~> 4.2)
      multi_json (~> 1.3)
      thread_safe (~> 0.1)
      tzinfo (~> 0.3.37)
    acts_as_reportable (1.1.1)
      ruport (>= 1.6.0)
    addressable (2.5.2)
      public_suffix (>= 2.0.2, < 4.0)
    afm (0.2.2)
    aggregate (0.2.2)
    annotate (2.7.4)
      activerecord (>= 3.2, < 6.0)
      rake (>= 10.4, < 13.0)
    ar-octopus (0.9.2)
      activerecord (>= 4.0.0)
      activesupport (>= 4.0.0)
    arel (4.0.2)
    aws-sdk (1.67.0)
      aws-sdk-v1 (= 1.67.0)
    aws-sdk-v1 (1.67.0)
      json (~> 1.4)
      nokogiri (~> 1)
    better_errors (2.5.0)
      coderay (>= 1.0.0)
      erubi (>= 1.0.0)
      rack (>= 0.9.0)
    binding_of_caller (0.8.0)
      debug_inspector (>= 0.0.1)
    bitmask_attributes (1.0.0)
      activerecord (>= 3.1)
    bugsnag (6.8.0)
      concurrent-ruby (~> 1.0)
    builder (3.1.4)
    bullet (5.7.6)
      activesupport (>= 3.0.0)
      uniform_notifier (~> 1.11.0)
    byebug (10.0.2)
    cancan (1.6.10)
    capybara (2.18.0)
      addressable
      mini_mime (>= 0.1.3)
      nokogiri (>= 1.3.3)
      rack (>= 1.0.0)
      rack-test (>= 0.5.4)
      xpath (>= 2.0, < 4.0)
    capybara-webkit (1.15.1)
      capybara (>= 2.3, < 4.0)
      json
    celluloid (0.15.2)
      timers (~> 1.1.0)
    childprocess (0.9.0)
      ffi (~> 1.0, >= 1.0.11)
    chunky_png (1.3.10)
    climate_control (0.2.0)
    cmdparse (3.0.3)
    cocaine (0.5.8)
      climate_control (>= 0.0.3, < 1.0)
    cocoon (1.2.11)
    coderay (1.1.2)
    color (1.8)
    compass (1.0.3)
      chunky_png (~> 1.2)
      compass-core (~> 1.0.2)
      compass-import-once (~> 1.0.5)
      rb-fsevent (>= 0.9.3)
      rb-inotify (>= 0.9)
      sass (>= 3.3.13, < 3.5)
    compass-core (1.0.3)
      multi_json (~> 1.0)
      sass (>= 3.3.0, < 3.5)
    compass-import-once (1.0.5)
      sass (>= 3.2, < 3.5)
    compass-rails (3.1.0)
      compass (~> 1.0.0)
      sass-rails (< 5.1)
      sprockets (< 4.0)
    concurrent-ruby (1.0.5)
    connection_pool (2.2.2)
    cookiejar (0.3.3)
    crack (0.4.3)
      safe_yaml (~> 1.0.0)
    database_cleaner (1.7.0)
    debug_inspector (0.0.3)
    deep_cloneable (2.3.2)
      activerecord (>= 3.1.0, < 6)
    diff-lcs (1.3)
    docile (1.3.1)
    domain_name (0.5.20180417)
      unf (>= 0.0.5, < 1.0.0)
    dynamic_form (1.1.4)
    em-hiredis (0.2.1)
      hiredis (~> 0.4.0)
    em-http-request (1.1.5)
      addressable (>= 2.3.4)
      cookiejar (!= 0.3.1)
      em-socksify (>= 0.3)
      eventmachine (>= 1.0.3)
      http_parser.rb (>= 0.6.0)
    em-resolv-replace (1.1.3)
    em-socksify (0.3.2)
      eventmachine (>= 1.0.0.beta.4)
    em-synchrony (1.0.6)
      eventmachine (>= 1.0.0.beta.1)
    erubi (1.7.1)
    erubis (2.7.0)
    eventmachine (1.0.9.1)
    excon (0.62.0)
    factory_girl (4.9.0)
      activesupport (>= 3.0.0)
    factory_girl_rails (4.9.0)
      factory_girl (~> 4.9.0)
      railties (>= 3.0.0)
    faraday (0.15.3)
      multipart-post (>= 1.2, < 3)
    faraday-cookie_jar (0.0.6)
      faraday (>= 0.7.4)
      http-cookie (~> 1.0.0)
    faraday_middleware (0.12.2)
      faraday (>= 0.7.4, < 1.0)
    ffi (1.9.25)
    figaro (1.1.1)
      thor (~> 0.14)
    forgery (0.6.0)
    formtastic (2.2.1)
      actionpack (>= 3.0)
    hashdiff (0.3.7)
    hashery (2.1.2)
    heroics (0.0.25)
      erubis (~> 2.0)
      excon
      moneta
      multi_json (>= 1.9.2)
    hetchy (1.0.0)
    highline (2.0.0)
    hirb (0.7.3)
    hiredis (0.4.5)
    hirefire-resource (0.6.0)
    http-cookie (1.0.3)
      domain_name (~> 0.5)
    http_parser.rb (0.6.0)
    i18n (0.9.5)
      concurrent-ruby (~> 1.0)
    introjs-rails (1.0.0)
      sass-rails (>= 3.2)
      thor (~> 0.14)
    jquery-rails (3.1.5)
      railties (>= 3.0, < 5.0)
      thor (>= 0.14, < 2.0)
    jquery-ui-rails (6.0.1)
      railties (>= 3.2.16)
    json (1.8.6)
    jwt (1.5.6)
    launchy (2.4.3)
      addressable (~> 2.3)
    librato-metrics (2.1.2)
      aggregate (~> 0.2.2)
      faraday
    librato-rack (2.0.4)
      hetchy (~> 1.0)
      librato-metrics (~> 2.1, >= 2.1.0)
    librato-rails (2.1.0)
      activesupport (>= 3.0)
      librato-rack (~> 2.0.0)
      railties (>= 3.0)
    lograge (0.2.2)
      actionpack (>= 3)
      activesupport (>= 3)
      railties (>= 3)
    macaddr (1.7.1)
      systemu (~> 2.6.2)
    mail (2.7.0)
      mini_mime (>= 0.1.1)
    mandrill-api (1.0.53)
      excon (>= 0.16.0, < 1.0)
      json (>= 1.7.7, < 2.0)
    method_source (0.9.0)
    mime-types (2.99.3)
    mimemagic (0.3.0)
    mini_mime (1.0.1)
    mini_portile2 (2.3.0)
    minitest (4.7.5)
    moneta (1.0.0)
    mono_logger (1.1.0)
    multi_json (1.13.1)
    multipart-post (2.0.0)
    mysql2 (0.5.2)
    net-http-persistent (3.0.0)
      connection_pool (~> 2.2)
    net-ssh (5.0.2)
    net-ssh-gateway (2.0.0)
      net-ssh (>= 4.0.0)
    netrc (0.11.0)
    nokogiri (1.8.4)
      mini_portile2 (~> 2.3.0)
    pagerduty (2.1.2)
      json (>= 1.7.7)
    paperclip (4.3.7)
      activemodel (>= 3.2.0)
      activesupport (>= 3.2.0)
      cocaine (~> 0.5.5)
      mime-types
      mimemagic (= 0.3.0)
    parallel (1.12.1)
    parallel_tests (1.3.7)
      parallel
    pdf-reader (2.1.0)
      Ascii85 (~> 1.0.0)
      afm (~> 0.2.1)
      hashery (~> 2.0)
      ruby-rc4
      ttfunk
    pdf-writer (1.1.8)
      color (>= 1.4.0)
      transaction-simple (~> 1.3)
    platform-api (2.2.0)
      heroics (~> 0.0.25)
      moneta (~> 1.0.0)
    prawn (0.12.0)
      pdf-reader (>= 0.9.0)
      ttfunk (~> 1.0.2)
    pry (0.11.3)
      coderay (~> 1.1.0)
      method_source (~> 0.9.0)
    public_suffix (3.0.3)
    puma (3.12.0)
    pusher (0.11.3)
      multi_json (~> 1.0)
      signature (~> 0.1.6)
    rack (1.5.5)
    rack-protection (1.5.5)
      rack
    rack-test (0.6.3)
      rack (>= 1.0)
    rack-timeout (0.5.1)
    rack-timing (0.0.2)
    rails (4.0.13)
      actionmailer (= 4.0.13)
      actionpack (= 4.0.13)
      activerecord (= 4.0.13)
      activesupport (= 4.0.13)
      bundler (>= 1.3.0, < 2.0)
      railties (= 4.0.13)
      sprockets-rails (~> 2.0)
    rails_12factor (0.0.3)
      rails_serve_static_assets
      rails_stdout_logging
    rails_serve_static_assets (0.0.5)
    rails_stdout_logging (0.0.5)
    railties (4.0.13)
      actionpack (= 4.0.13)
      activesupport (= 4.0.13)
      rake (>= 0.8.7)
      thor (>= 0.18.1, < 2.0)
    rake (12.3.1)
    rb-fsevent (0.10.3)
    rb-inotify (0.9.10)
      ffi (>= 0.5.0, < 2)
    redcarpet (3.4.0)
    redis (3.1.0)
    redis-namespace (1.6.0)
      redis (>= 3.0.4)
    redis-objects (0.7.0)
      redis (>= 3.0.2)
    resque (1.24.1)
      mono_logger (~> 1.0)
      multi_json (~> 1.0)
      redis-namespace (~> 1.2)
      sinatra (>= 0.9.2)
      vegas (~> 0.1.2)
    resque-lock (1.1.0)
    resque-loner (1.2.1)
      resque (~> 1.0)
    resque-scheduler (2.0.1)
      redis (>= 2.0.1)
      resque (>= 1.20.0)
      rufus-scheduler
    rest-client (1.8.0)
      http-cookie (>= 1.0.2, < 2.0)
      mime-types (>= 1.16, < 3.0)
      netrc (~> 0.7)
    rspec (3.8.0)
      rspec-core (~> 3.8.0)
      rspec-expectations (~> 3.8.0)
      rspec-mocks (~> 3.8.0)
    rspec-collection_matchers (1.1.3)
      rspec-expectations (>= 2.99.0.beta1)
    rspec-core (3.8.0)
      rspec-support (~> 3.8.0)
    rspec-expectations (3.8.1)
      diff-lcs (>= 1.2.0, < 2.0)
      rspec-support (~> 3.8.0)
    rspec-instafail (1.0.0)
      rspec
    rspec-its (1.2.0)
      rspec-core (>= 3.0.0)
      rspec-expectations (>= 3.0.0)
    rspec-legacy_formatters (1.0.1)
      rspec (~> 3.0)
    rspec-mocks (3.8.0)
      diff-lcs (>= 1.2.0, < 2.0)
      rspec-support (~> 3.8.0)
    rspec-rails (3.8.0)
      actionpack (>= 3.0)
      activesupport (>= 3.0)
      railties (>= 3.0)
      rspec-core (~> 3.8.0)
      rspec-expectations (~> 3.8.0)
      rspec-mocks (~> 3.8.0)
      rspec-support (~> 3.8.0)
    rspec-support (3.8.0)
    rspec_junit_formatter (0.2.2)
      builder (< 4)
      rspec-core (>= 2, < 4, != 2.12.0)
    ruby-rc4 (0.1.5)
    rubyzip (1.2.2)
    rufus-scheduler (2.0.24)
      tzinfo (>= 0.3.22)
    ruport (1.7.1)
      pdf-writer (= 1.1.8)
      prawn (= 0.12.0)
    safe_yaml (1.0.4)
    sass (3.4.25)
    sass-rails (5.0.7)
      railties (>= 4.0.0, < 6)
      sass (~> 3.1)
      sprockets (>= 2.8, < 4.0)
      sprockets-rails (>= 2.0, < 4.0)
      tilt (>= 1.1, < 3)
    sauce (3.7.2)
      childprocess (>= 0.1.6)
      cmdparse (>= 2.0.2)
      highline (>= 1.5.0)
      json (>= 1.2.0)
      net-http-persistent
      net-ssh
      net-ssh-gateway
      parallel_tests (>= 1.1.1, <= 1.3.7)
      rest-client
      sauce_whisk (~> 0.0.11)
      selenium-webdriver (>= 0.1.2)
    sauce-connect (3.6.3)
      sauce (~> 3.7)
    sauce_whisk (0.0.22)
      json (>= 1.8)
      rest-client (>= 1.8)
    selenium-webdriver (3.14.0)
      childprocess (~> 0.5)
      rubyzip (~> 1.2)
    shoulda (3.6.0)
      shoulda-context (~> 1.0, >= 1.0.1)
      shoulda-matchers (~> 3.0)
    shoulda-context (1.2.2)
    shoulda-matchers (3.1.2)
      activesupport (>= 4.0.0)
    showoff-io (0.4.0)
    sidekiq (2.17.8)
      celluloid (= 0.15.2)
      connection_pool (~> 2.0)
      json
      redis (~> 3.1)
      redis-namespace (~> 1.3)
    signature (0.1.8)
    simplecov (0.16.1)
      docile (~> 1.1)
      json (>= 1.8, < 3)
      simplecov-html (~> 0.10.0)
    simplecov-html (0.10.2)
    sinatra (1.4.8)
      rack (~> 1.5)
      rack-protection (~> 1.4)
      tilt (>= 1.3, < 3)
    slim (4.0.1)
      temple (>= 0.7.6, < 0.9)
      tilt (>= 2.0.6, < 2.1)
    spring (1.7.2)
    spring-commands-rspec (1.0.4)
      spring (>= 0.9.1)
    sprockets (3.7.2)
      concurrent-ruby (~> 1.0)
      rack (> 1, < 3)
    sprockets-rails (2.3.3)
      actionpack (>= 3.0)
      activesupport (>= 3.0)
      sprockets (>= 2.8, < 4.0)
    state_machine (1.2.0)
    stripe (1.8.8)
      multi_json (>= 1.0.4, < 2)
      rest-client (~> 1.4)
    systemu (2.6.5)
    temple (0.8.0)
    thor (0.20.0)
    thread_safe (0.3.6)
    tilt (2.0.8)
    timecop (0.9.1)
    timers (1.1.0)
    transaction-simple (1.4.0.2)
    ttfunk (1.0.3)
    twilio-ruby (4.4.0)
      builder (>= 2.1.2)
      jwt (~> 1.0)
      multi_json (>= 1.3.0)
    tzinfo (0.3.54)
    unf (0.1.4)
      unf_ext
    unf_ext (0.0.7.5)
    uniform_notifier (1.11.0)
    upsert (2.2.1)
    uuid (2.3.9)
      macaddr (~> 1.0)
    vcr (4.0.0)
    vegas (0.1.11)
      rack (>= 1.0.0)
    webmock (3.4.2)
      addressable (>= 2.3.6)
      crack (>= 0.3.2)
      hashdiff
    will_paginate (3.1.6)
    wolverine (0.3.5)
      redis (>= 3.0.0)
    xpath (3.1.0)
      nokogiri (~> 1.8)

PLATFORMS
  ruby

DEPENDENCIES
  activerecord-import
  acts_as_reportable
  annotate
  ar-octopus
  aws-sdk (~> 1.6)
  better_errors
  binding_of_caller
  bitmask_attributes
  bugsnag
  bullet
  byebug
  cancan (~> 1.6.10)
  capybara
  capybara-webkit
  cocoon (~> 1.2.0)
  compass-rails
  database_cleaner
  deep_cloneable
  dynamic_form (~> 1.1.4)
  em-hiredis (~> 0.2.1)
  em-http-request (~> 1.1.0)
  em-resolv-replace
  em-synchrony (~> 1.0.3)
  eventmachine (~> 1.0.9)
  factory_girl_rails
  faraday
  faraday-cookie_jar
  faraday_middleware
  figaro
  forgery (= 0.6.0)
  formtastic (~> 2.2.1)
  hirb
  hiredis (~> 0.4.5)
  hirefire-resource
  introjs-rails
  jquery-rails
  jquery-ui-rails
  launchy
  librato-rails
  lograge (~> 0.2.0)
  mandrill-api (~> 1.0.37)
  mysql2
  pagerduty
  paperclip
  platform-api
  pry
  puma
  pusher (~> 0.11.3)
  rack-timeout
  rack-timing
  rails (~> 4.0.0)
  rails_12factor
  rb-fsevent
  redcarpet
  redis (~> 3.1.0)
  redis-objects (~> 0.7.0)
  resque (~> 1.24.1)
  resque-lock (~> 1.1.0)
  resque-loner (~> 1.2.1)
  resque-scheduler (~> 2.0.1)
  rspec-collection_matchers
  rspec-instafail
  rspec-its
  rspec-legacy_formatters
  rspec-rails
  rspec_junit_formatter (= 0.2.2)
  rubyzip
  rufus-scheduler (~> 2.0.0)
  ruport
  sass-rails
  sauce
  sauce-connect
  selenium-webdriver
  shoulda
  showoff-io
  sidekiq (< 3)
  simplecov
  sinatra
  slim
  spring
  spring-commands-rspec
  state_machine
  stripe (~> 1.8.4)
  timecop
  twilio-ruby (~> 4.4.0)
  upsert
  uuid (~> 2.3.7)
  vcr
  webmock
  will_paginate
  wolverine

RUBY VERSION
   ruby 2.3.1p112

BUNDLED WITH
   1.16.5
